GEM
  remote: https://rubygems.org/
  specs:
    diff-lcs (1.3)
    game (0.0.1)
      version (~> 1.0)
    rake (13.0.1)
    rspec (3.9.0)
      rspec-core (~> 3.9.0)
      rspec-expectations (~> 3.9.0)
      rspec-mocks (~> 3.9.0)
    rspec-core (3.9.1)
      rspec-support (~> 3.9.1)
    rspec-expectations (3.9.0)
      diff-lcs (>= 1.2.0, < 2.0)
      rspec-support (~> 3.9.0)
    rspec-mocks (3.9.1)
      diff-lcs (>= 1.2.0, < 2.0)
      rspec-support (~> 3.9.0)
    rspec-support (3.9.2)
    version (1.1.1)

PLATFORMS
  ruby

DEPENDENCIES
  game
  rake
  rspec (~> 3.0)

BUNDLED WITH
   2.1.4
